GEM
  remote: https://rubygems.org/
  remote: https://rails-assets.org/
  specs:
    actioncable (5.2.2)
      actionpack (= 5.2.2)
      nio4r (~> 2.0)
      websocket-driver (>= 0.6.1)
    actionmailer (5.2.2)
      actionpack (= 5.2.2)
      actionview (= 5.2.2)
      activejob (= 5.2.2)
      mail (~> 2.5, >= 2.5.4)
      rails-dom-testing (~> 2.0)
    actionpack (5.2.2)
      actionview (= 5.2.2)
      activesupport (= 5.2.2)
      rack (~> 2.0)
      rack-test (>= 0.6.3)
      rails-dom-testing (~> 2.0)
      rails-html-sanitizer (~> 1.0, >= 1.0.2)
    actionview (5.2.2)
      activesupport (= 5.2.2)
      builder (~> 3.1)
      erubi (~> 1.4)
      rails-dom-testing (~> 2.0)
      rails-html-sanitizer (~> 1.0, >= 1.0.3)
    activejob (5.2.2)
      activesupport (= 5.2.2)
      globalid (>= 0.3.6)
    activemodel (5.2.2)
      activesupport (= 5.2.2)
    activerecord (5.2.2)
      activemodel (= 5.2.2)
      activesupport (= 5.2.2)
      arel (>= 9.0)
    activestorage (5.2.2)
      actionpack (= 5.2.2)
      activerecord (= 5.2.2)
      marcel (~> 0.3.1)
    activesupport (5.2.2)
      concurrent-ruby (~> 1.0, >= 1.0.2)
      i18n (>= 0.7, < 2)
      minitest (~> 5.1)
      tzinfo (~> 1.1)
    addressable (2.6.0)
      public_suffix (>= 2.0.2, < 4.0)
    arel (9.0.0)
    ast (2.4.0)
    backports (3.15.0)
    bcrypt (3.1.12)
    bcrypt (3.1.12-java)
    bcrypt (3.1.12-x64-mingw32)
    bcrypt (3.1.12-x86-mingw32)
    better_errors (2.5.1)
      coderay (>= 1.0.0)
      erubi (>= 1.0.0)
      rack (>= 0.9.0)
    bindex (0.5.0)
    bootsnap (1.4.1)
      msgpack (~> 1.0)
    bootsnap (1.4.1-java)
      msgpack (~> 1.0)
    builder (3.2.3)
    byebug (11.0.0)
    capybara (3.24.0)
      addressable
      mini_mime (>= 0.1.3)
      nokogiri (~> 1.8)
      rack (>= 1.6.0)
      rack-test (>= 0.6.3)
      regexp_parser (~> 1.5)
      xpath (~> 3.2)
    carrierwave (1.3.1)
      activemodel (>= 4.0.0)
      activesupport (>= 4.0.0)
      mime-types (>= 1.16)
    coderay (1.1.2)
    coffee-rails (4.2.2)
      coffee-script (>= 2.2.0)
      railties (>= 4.0.0)
    coffee-script (2.4.1)
      coffee-script-source
      execjs
    coffee-script-source (1.12.2)
    concurrent-ruby (1.1.4)
    connection_pool (2.2.2)
    crass (1.0.4)
    cucumber (3.1.2)
      builder (>= 2.1.2)
      cucumber-core (~> 3.2.0)
      cucumber-expressions (~> 6.0.1)
      cucumber-wire (~> 0.0.1)
      diff-lcs (~> 1.3)
      gherkin (~> 5.1.0)
      multi_json (>= 1.7.5, < 2.0)
      multi_test (>= 0.1.2)
    cucumber-core (3.2.1)
      backports (>= 3.8.0)
      cucumber-tag_expressions (~> 1.1.0)
      gherkin (~> 5.0)
    cucumber-expressions (6.0.1)
    cucumber-rails (1.7.0)
      capybara (>= 2.3.0, < 4)
      cucumber (>= 3.0.2, < 4)
      mime-types (>= 1.17, < 4)
      nokogiri (~> 1.8)
      railties (>= 4.2, < 7)
    cucumber-tag_expressions (1.1.1)
    cucumber-wire (0.0.1)
    database_cleaner (1.7.0)
    devise (4.6.1)
      bcrypt (~> 3.0)
      orm_adapter (~> 0.1)
      railties (>= 4.1.0, < 6.0)
      responders
      warden (~> 1.2.3)
    devise-i18n (1.8.0)
      devise (>= 4.6)
    diff-lcs (1.3)
    dotenv (2.7.3)
    dotenv-rails (2.7.3)
      dotenv (= 2.7.3)
      railties (>= 3.2, < 6.1)
    enum_help (0.0.17)
      activesupport (>= 3.0.0)
    erubi (1.8.0)
    execjs (2.7.0)
    factory_bot (5.0.2)
      activesupport (>= 4.2.0)
    factory_bot_rails (5.0.2)
      factory_bot (~> 5.0.2)
      railties (>= 4.2.0)
    faker (1.9.3)
      i18n (>= 0.7)
    ffi (1.10.0)
    ffi (1.10.0-java)
    ffi (1.10.0-x64-mingw32)
    ffi (1.10.0-x86-mingw32)
    figaro (1.1.1)
      thor (~> 0.14)
    friendly_id (5.2.5)
      activerecord (>= 4.0.0)
    fuubar (2.5.0)
      rspec-core (~> 3.0)
      ruby-progressbar (~> 1.4)
    gherkin (5.1.0)
    globalid (0.4.2)
      activesupport (>= 4.2.0)
    httparty (0.16.4)
      mime-types (~> 3.0)
      multi_xml (>= 0.5.2)
    i18n (1.6.0)
      concurrent-ruby (~> 1.0)
    jaro_winkler (1.5.3)
    jaro_winkler (1.5.3-java)
    jbuilder (2.8.0)
      activesupport (>= 4.2.0)
      multi_json (>= 1.2)
    listen (3.1.5)
      rb-fsevent (~> 0.9, >= 0.9.4)
      rb-inotify (~> 0.9, >= 0.9.7)
      ruby_dep (~> 1.2)
    loofah (2.2.3)
      crass (~> 1.0.2)
      nokogiri (>= 1.5.9)
    mail (2.7.1)
      mini_mime (>= 0.1.1)
    marcel (0.3.3)
      mimemagic (~> 0.3.2)
    method_source (0.9.2)
    mime-types (3.2.2)
      mime-types-data (~> 3.2015)
    mime-types-data (3.2018.0812)
    mimemagic (0.3.10)
      nokogiri (~> 1)
      rake
    mini_mime (1.0.1)
    mini_portile2 (2.5.1)
    minitest (5.11.3)
    monetize (1.9.1)
      money (~> 6.12)
    money (6.13.2)
      i18n (>= 0.6.4, <= 2)
    money-rails (1.13.1)
      activesupport (>= 3.0)
      monetize (~> 1.9.0)
      money (~> 6.13.0)
      railties (>= 3.0)
    msgpack (1.2.7)
    msgpack (1.2.7-java)
    msgpack (1.2.7-x64-mingw32)
    msgpack (1.2.7-x86-mingw32)
    multi_json (1.13.1)
    multi_test (0.1.2)
    multi_xml (0.6.0)
    nio4r (2.3.1)
    nio4r (2.3.1-java)
    nokogiri (1.11.4)
      mini_portile2 (~> 2.5.0)
      racc (~> 1.4)
    nokogiri (1.11.4-java)
      racc (~> 1.4)
    nokogiri (1.11.4-x64-mingw32)
      racc (~> 1.4)
    nokogiri (1.11.4-x86-mingw32)
      racc (~> 1.4)
    orm_adapter (0.5.0)
    parallel (1.17.0)
    parser (2.6.3.0)
      ast (~> 2.4.0)
    pg (1.1.4)
    pg (1.1.4-x64-mingw32)
    pg (1.1.4-x86-mingw32)
    pry (0.12.2)
      coderay (~> 1.1.0)
      method_source (~> 0.9.0)
    pry (0.12.2-java)
      coderay (~> 1.1.0)
      method_source (~> 0.9.0)
      spoon (~> 0.0)
    pry-rails (0.3.9)
      pry (>= 0.10.4)
    public_suffix (3.1.0)
    puma (3.12.0)
    puma (3.12.0-java)
    racc (1.5.2)
    racc (1.5.2-java)
    rack (2.0.6)
    rack-protection (2.0.5)
      rack
    rack-test (1.1.0)
      rack (>= 1.0, < 3)
    rails (5.2.2)
      actioncable (= 5.2.2)
      actionmailer (= 5.2.2)
      actionpack (= 5.2.2)
      actionview (= 5.2.2)
      activejob (= 5.2.2)
      activemodel (= 5.2.2)
      activerecord (= 5.2.2)
      activestorage (= 5.2.2)
      activesupport (= 5.2.2)
      bundler (>= 1.3.0)
      railties (= 5.2.2)
      sprockets-rails (>= 2.0.0)
    rails-assets-EasyAutocomplete (1.3.5)
      rails-assets-jquery (~> 1.11.0)
    rails-assets-bootstrap (4.1.3)
    rails-assets-jquery (1.11.3)
    rails-assets-jquery-easing-original (1.4.1)
      rails-assets-jquery (>= 1.3.0)
    rails-assets-notifyjs (0.4.2)
    rails-dom-testing (2.0.3)
      activesupport (>= 4.2.0)
      nokogiri (>= 1.6)
    rails-html-sanitizer (1.0.4)
      loofah (~> 2.2, >= 2.2.2)
    rails-i18n (5.1.3)
      i18n (>= 0.7, < 2)
      railties (>= 5.0, < 6)
    railties (5.2.2)
      actionpack (= 5.2.2)
      activesupport (= 5.2.2)
      method_source
      rake (>= 0.8.7)
      thor (>= 0.19.0, < 2.0)
    rainbow (3.0.0)
    rake (13.0.1)
    rb-fsevent (0.10.3)
    rb-inotify (0.10.0)
      ffi (~> 1.0)
    redis (4.1.0)
    regexp_parser (1.5.1)
    responders (2.4.1)
      actionpack (>= 4.2.0, < 6.0)
      railties (>= 4.2.0, < 6.0)
    rspec-core (3.8.2)
      rspec-support (~> 3.8.0)
    rspec-expectations (3.8.2)
      diff-lcs (>= 1.2.0, < 2.0)
      rspec-support (~> 3.8.0)
    rspec-mocks (3.8.0)
      diff-lcs (>= 1.2.0, < 2.0)
      rspec-support (~> 3.8.0)
    rspec-rails (3.8.2)
      actionpack (>= 3.0)
      activesupport (>= 3.0)
      railties (>= 3.0)
      rspec-core (~> 3.8.0)
      rspec-expectations (~> 3.8.0)
      rspec-mocks (~> 3.8.0)
      rspec-support (~> 3.8.0)
    rspec-support (3.8.3)
    rubocop (0.71.0)
      jaro_winkler (~> 1.5.1)
      parallel (~> 1.10)
      parser (>= 2.6)
      rainbow (>= 2.2.2, < 4.0)
      ruby-progressbar (~> 1.7)
      unicode-display_width (>= 1.4.0, < 1.7)
    rubocop-performance (0.0.1)
      rubocop (>= 0.58.0)
    rubocop-rails (2.0.1)
      rack (>= 1.1)
      rubocop (>= 0.70.0)
    rubocop-rspec (1.33.0)
      rubocop (>= 0.60.0)
    ruby-progressbar (1.10.1)
    ruby_dep (1.5.0)
    sass (3.7.3)
      sass-listen (~> 4.0.0)
    sass-listen (4.0.0)
      rb-fsevent (~> 0.9, >= 0.9.4)
      rb-inotify (~> 0.9, >= 0.9.7)
    sass-rails (5.0.7)
      railties (>= 4.0.0, < 6)
      sass (~> 3.1)
      sprockets (>= 2.8, < 4.0)
      sprockets-rails (>= 2.0, < 4.0)
      tilt (>= 1.1, < 3)
    shoulda-matchers (4.1.0)
      activesupport (>= 4.2.0)
    sidekiq (5.2.5)
      connection_pool (~> 2.2, >= 2.2.2)
      rack (>= 1.5.0)
      rack-protection (>= 1.5.0)
      redis (>= 3.3.5, < 5)
    spoon (0.0.6)
      ffi
    spring (2.0.2)
      activesupport (>= 4.2)
    spring-watcher-listen (2.0.1)
      listen (>= 2.7, < 4.0)
      spring (>= 1.2, < 3.0)
    sprockets (3.7.2)
      concurrent-ruby (~> 1.0)
      rack (> 1, < 3)
    sprockets-rails (3.2.1)
      actionpack (>= 4.0)
      activesupport (>= 4.0)
      sprockets (>= 3.0.0)
    thor (0.20.3)
    thread_safe (0.3.6)
    thread_safe (0.3.6-java)
    tilt (2.0.9)
    turbolinks (5.2.0)
      turbolinks-source (~> 5.2)
    turbolinks-source (5.2.0)
    tzinfo (1.2.5)
      thread_safe (~> 0.1)
    tzinfo-data (1.2018.9)
      tzinfo (>= 1.0.0)
    uglifier (4.1.20)
      execjs (>= 0.3.0, < 3)
    unicode-display_width (1.6.0)
    warden (1.2.8)
      rack (>= 2.0.6)
    web-console (3.7.0)
      actionview (>= 5.0)
      activemodel (>= 5.0)
      bindex (>= 0.4.0)
      railties (>= 5.0)
    websocket-driver (0.7.0)
      websocket-extensions (>= 0.1.0)
    websocket-driver (0.7.0-java)
      websocket-extensions (>= 0.1.0)
    websocket-extensions (0.1.3)
    xpath (3.2.0)
      nokogiri (~> 1.8)

PLATFORMS
  java
  ruby
  x64-mingw32
  x86-mingw32
  x86-mswin32

DEPENDENCIES
  better_errors
  bootsnap (>= 1.1.0)
  byebug
  carrierwave (~> 1.0)
  coffee-rails (~> 4.2)
  cucumber-rails
  database_cleaner
  devise
  devise-i18n
  dotenv-rails (~> 2.7, >= 2.7.3)
  enum_help
  factory_bot_rails (~> 5.0, >= 5.0.1)
  faker
  figaro (~> 1.1, >= 1.1.1)
  friendly_id
  fuubar (~> 2.0)
  httparty (~> 0.16.4)
  jbuilder (~> 2.5)
  listen (>= 3.0.5, < 3.2)
  money-rails
  pg (>= 0.18, < 2.0)
  pry-rails (~> 0.3.9)
  puma (~> 3.11)
  rails (~> 5.2.2)
  rails-assets-EasyAutocomplete!
  rails-assets-bootstrap!
  rails-assets-jquery-easing-original!
  rails-assets-notifyjs!
  rails-i18n
  rspec-rails (~> 3.8)
  rubocop-performance (~> 0.0.1)
  rubocop-rails (~> 2.0, >= 2.0.1)
  rubocop-rspec (~> 1.33)
  sass-rails (~> 5.0)
  shoulda-matchers
  sidekiq
  spring
  spring-watcher-listen (~> 2.0.0)
  turbolinks (~> 5)
  tzinfo-data
  uglifier (>= 1.3.0)
  web-console (>= 3.3.0)

RUBY VERSION
   ruby 2.5.3p105

BUNDLED WITH
   1.17.3
